PATH
  remote: .
  specs:
    rdia-games (0.1.0)
      gosu (>= 1.1.1.1)
      highline (~> 2.0.3)
      wads (~> 0.2.4)

GEM
  remote: https://rubygems.org/
  specs:
    gosu (1.2.0)
    highline (2.0.3)
    minigl (2.3.6)
      gosu (>= 0.11, < 2.0)
    rake (13.0.6)
    tty-option (0.2.0)
    wads (0.2.4)
      gosu (>= 1.1.0)
      minigl (~> 2.3.5)
      tty-option

PLATFORMS
  x64-mingw32

DEPENDENCIES
  rake (~> 13.0)
  rdia-games!

BUNDLED WITH
   2.2.29
